GEM
  remote: https://rubygems.org/
  specs:
    aws-sdk-v1 (1.67.0)
      json (~> 1.4)
      nokogiri (~> 1)
    coderay (1.1.1)
    coffee-script (2.4.1)
      coffee-script-source
      execjs
    coffee-script-source (1.12.2)
    diffy (3.2.0)
    dslh (0.2.7)
    execjs (2.7.0)
    hashie (3.5.5)
    highline (1.7.8)
    json (1.8.6)
    json5 (0.0.1)
    kumogata (0.5.10)
      aws-sdk-v1
      coderay
      coffee-script
      diffy
      dslh (>= 0.2.7, < 0.3)
      hashie
      highline
      json
      json5
      net-ssh
      retryable (~> 2.0.0)
      term-ansicolor
      therubyracer
      uuidtools
    libv8 (3.16.14.19)
    mini_portile2 (2.8.0)
    net-ssh (4.1.0)
    nokogiri (1.13.4)
      mini_portile2 (~> 2.8.0)
      racc (~> 1.4)
    racc (1.6.0)
    rake (12.0.0)
    ref (2.0.0)
    retryable (2.0.4)
    term-ansicolor (1.6.0)
      tins (~> 1.0)
    therubyracer (0.12.3)
      libv8 (~> 3.16.14.15)
      ref
    tins (1.13.2)
    uuidtools (2.1.5)

PLATFORMS
  ruby

DEPENDENCIES
  kumogata (= 0.5.10)
  rake

BUNDLED WITH
   1.13.6
